GIT
  remote: git://github.com/JacobNinja/codeminer.git
  revision: 340629e29cd568b83ae87243d3c992c391d27f98
  specs:
    codeminer (0.1.0)

GEM
  remote: https://rubygems.org/
  specs:
    flog (4.2.0)
      ruby_parser (~> 3.1, > 3.1.0)
      sexp_processor (~> 4.4)
    ruby_parser (3.6.0)
      sexp_processor (~> 4.1)
    sexp_processor (4.4.3)

PLATFORMS
  ruby

DEPENDENCIES
  codeminer!
  flog
